GEM
  remote: https://rubygems.org/
  specs:
    asin (1.1.2)
      confiture (>= 0.1)
      crack (>= 0.3)
      hashie (>= 1.1)
      httpi (>= 0.9)
    confiture (0.1.4)
    crack (0.4.0)
      safe_yaml (~> 0.9.0)
    hashie (2.0.5)
    httpclient (2.3.3)
    httpi (2.0.2)
      rack
    mini_portile (0.5.0)
    nokogiri (1.6.0)
      mini_portile (~> 0.5.0)
    rack (1.5.2)
    safe_yaml (0.9.3)

PLATFORMS
  ruby

DEPENDENCIES
  asin
  httpclient
  nokogiri
