GIT
  remote: https://github.com/***REMOVED***/asin.git
  revision: 3a7cd3492bc6c66e067a3e4d74f232086cbf088d
  specs:
    asin (1.1.2)
      confiture (>= 0.1)
      crack (>= 0.3)
      hashie (>= 1.1)
      httpi (>= 0.9)

GIT
  remote: https://github.com/***REMOVED***/douban_api
  revision: 0a0800a922fd6867c3203f94b0b6f08aa7397169
  specs:
    douban_api (0.1.5)
      faraday (>= 0.7, < 0.9)
      faraday_middleware (~> 0.8)
      hashie (>= 0.4.0)
      multi_json (~> 1.0, >= 1.0.3)

GIT
  remote: https://github.com/***REMOVED***/log_buddy.git
  revision: 4518a3c4262e7580dac6e78183c29ed2e5596a5d
  specs:
    log_buddy (0.7.0)

GEM
  remote: https://rubygems.org/
  specs:
    addressable (2.3.5)
    awesome_print (1.1.0)
    backports (3.3.3)
    bcrypt-ruby (3.1.1)
    chartkick (1.2.0)
    confiture (0.1.4)
    crack (0.4.1)
      safe_yaml (~> 0.9.0)
    data_mapper (1.2.0)
      dm-aggregates (~> 1.2.0)
      dm-constraints (~> 1.2.0)
      dm-core (~> 1.2.0)
      dm-migrations (~> 1.2.0)
      dm-serializer (~> 1.2.0)
      dm-timestamps (~> 1.2.0)
      dm-transactions (~> 1.2.0)
      dm-types (~> 1.2.0)
      dm-validations (~> 1.2.0)
    data_objects (0.10.13)
      addressable (~> 2.1)
    dm-aggregates (1.2.0)
      dm-core (~> 1.2.0)
    dm-constraints (1.2.0)
      dm-core (~> 1.2.0)
    dm-core (1.2.1)
      addressable (~> 2.3)
    dm-do-adapter (1.2.0)
      data_objects (~> 0.10.6)
      dm-core (~> 1.2.0)
    dm-migrations (1.2.0)
      dm-core (~> 1.2.0)
    dm-mysql-adapter (1.2.0)
      dm-do-adapter (~> 1.2.0)
      do_mysql (~> 0.10.6)
    dm-serializer (1.2.2)
      dm-core (~> 1.2.0)
      fastercsv (~> 1.5)
      json (~> 1.6)
      json_pure (~> 1.6)
      multi_json (~> 1.0)
    dm-timestamps (1.2.0)
      dm-core (~> 1.2.0)
    dm-transactions (1.2.0)
      dm-core (~> 1.2.0)
    dm-types (1.2.2)
      bcrypt-ruby (~> 3.0)
      dm-core (~> 1.2.0)
      fastercsv (~> 1.5)
      json (~> 1.6)
      multi_json (~> 1.0)
      stringex (~> 1.4)
      uuidtools (~> 2.1)
    dm-validations (1.2.0)
      dm-core (~> 1.2.0)
    do_mysql (0.10.13)
      data_objects (= 0.10.13)
    eventmachine (1.0.3)
    faraday (0.8.8)
      multipart-post (~> 1.2.0)
    faraday_middleware (0.9.0)
      faraday (>= 0.7.4, < 0.9)
    fastercsv (1.5.5)
    hashie (2.0.5)
    httpauth (0.2.0)
    httpclient (2.3.4.1)
    httpi (2.1.0)
      rack
      rubyntlm (~> 0.3.2)
    json (1.8.0)
    json_pure (1.8.0)
    jwt (0.1.8)
      multi_json (>= 1.5)
    mime-types (1.23)
    mini_portile (0.5.1)
    multi_json (1.7.7)
    multi_xml (0.5.4)
    multipart-post (1.2.0)
    nokogiri (1.6.0)
      mini_portile (~> 0.5.0)
    oauth2 (0.9.2)
      faraday (~> 0.8)
      httpauth (~> 0.2)
      jwt (~> 0.1.4)
      multi_json (~> 1.0)
      multi_xml (~> 0.5)
      rack (~> 1.2)
    rack (1.5.2)
    rack-protection (1.5.0)
      rack
    rack-test (0.6.2)
      rack (>= 1.0)
    rest-client (1.6.7)
      mime-types (>= 1.16)
    rubyntlm (0.3.3)
    safe_yaml (0.9.4)
    simple_oauth (0.2.0)
    sinatra (1.4.3)
      rack (~> 1.4)
      rack-protection (~> 1.4)
      tilt (~> 1.3, >= 1.3.4)
    sinatra-contrib (1.4.0)
      backports (>= 2.0)
      eventmachine
      rack-protection
      rack-test
      sinatra (~> 1.4.2)
      tilt (~> 1.3)
    sinatra-index (0.0.2)
      sinatra
    stringex (1.5.1)
    thor (0.18.1)
    tilt (1.4.1)
    twitter (4.8.1)
      faraday (~> 0.8, < 0.10)
      multi_json (~> 1.0)
      simple_oauth (~> 0.2)
    twitter-text (1.6.1)
      unf (~> 0.0.5)
    unf (0.0.5)
      unf_ext
    unf_ext (0.0.6)
    uuidtools (2.1.4)
    weibo_2 (0.1.4)
      hashie (~> 2.0.4)
      multi_json (~> 1.7.2)
      oauth2 (~> 0.9.1)
      rest-client (~> 1.6.7)
    will_paginate (3.0.4)
    will_paginate-bootstrap (0.2.3)
      will_paginate (>= 3.0.3)

PLATFORMS
  ruby

DEPENDENCIES
  asin!
  awesome_print
  chartkick
  data_mapper (~> 1.2)
  dm-mysql-adapter
  douban_api!
  httpclient
  json
  log_buddy!
  nokogiri
  sinatra
  sinatra-contrib
  sinatra-index
  thor
  twitter
  twitter-text
  weibo_2
  will_paginate
  will_paginate-bootstrap
