GIT
  remote: https://github.com/***REMOVED***/douban_api.git
  revision: c4f928ba0810d1ee624c9abea3b16b6cc354f009
  specs:
    douban_api (0.1.5)
      faraday (>= 0.7, < 0.9)
      faraday_middleware (~> 0.8)
      hashie (>= 0.4.0)
      multi_json (~> 1.0, >= 1.0.3)

GIT
  remote: https://github.com/***REMOVED***/log_buddy.git
  revision: 4518a3c4262e7580dac6e78183c29ed2e5596a5d
  specs:
    log_buddy (0.7.0)

GEM
  remote: https://rubygems.org/
  specs:
    activesupport (3.2.21)
      i18n (~> 0.6, >= 0.6.4)
      multi_json (~> 1.0)
    addressable (2.3.5)
    asin (2.0.1)
      confiture (>= 0.1)
      crack (>= 0.3)
      hashie (>= 1.1)
      httpi (>= 0.9)
      rash (>= 0.4)
    attr_required (1.0.0)
    awesome_print (1.1.0)
    backports (3.3.3)
    bcrypt-ruby (3.1.1)
    celluloid (0.15.2)
      timers (~> 1.1.0)
    chartkick (1.2.0)
    coderay (1.1.0)
    confiture (0.1.4)
    connection_pool (2.1.0)
    crack (0.4.2)
      safe_yaml (~> 1.0.0)
    data_mapper (1.2.0)
      dm-aggregates (~> 1.2.0)
      dm-constraints (~> 1.2.0)
      dm-core (~> 1.2.0)
      dm-migrations (~> 1.2.0)
      dm-serializer (~> 1.2.0)
      dm-timestamps (~> 1.2.0)
      dm-transactions (~> 1.2.0)
      dm-types (~> 1.2.0)
      dm-validations (~> 1.2.0)
    data_objects (0.10.13)
      addressable (~> 2.1)
    dm-aggregates (1.2.0)
      dm-core (~> 1.2.0)
    dm-constraints (1.2.0)
      dm-core (~> 1.2.0)
    dm-core (1.2.1)
      addressable (~> 2.3)
    dm-do-adapter (1.2.0)
      data_objects (~> 0.10.6)
      dm-core (~> 1.2.0)
    dm-migrations (1.2.0)
      dm-core (~> 1.2.0)
    dm-mysql-adapter (1.2.0)
      dm-do-adapter (~> 1.2.0)
      do_mysql (~> 0.10.6)
    dm-serializer (1.2.2)
      dm-core (~> 1.2.0)
      fastercsv (~> 1.5)
      json (~> 1.6)
      json_pure (~> 1.6)
      multi_json (~> 1.0)
    dm-timestamps (1.2.0)
      dm-core (~> 1.2.0)
    dm-transactions (1.2.0)
      dm-core (~> 1.2.0)
    dm-types (1.2.2)
      bcrypt-ruby (~> 3.0)
      dm-core (~> 1.2.0)
      fastercsv (~> 1.5)
      json (~> 1.6)
      multi_json (~> 1.0)
      stringex (~> 1.4)
      uuidtools (~> 2.1)
    dm-validations (1.2.0)
      dm-core (~> 1.2.0)
    do_mysql (0.10.13)
      data_objects (= 0.10.13)
    faraday (0.8.8)
      multipart-post (~> 1.2.0)
    faraday_middleware (0.9.1)
      faraday (>= 0.7.4, < 0.10)
    fastercsv (1.5.5)
    fb_graph (2.7.16)
      httpclient (>= 2.2.0.2)
      multi_json (>= 1.3)
      rack-oauth2 (>= 0.14.4)
      tzinfo
    hashie (2.0.5)
    httpauth (0.2.0)
    httpclient (2.6.0.1)
    httpi (2.3.0)
      rack
    i18n (0.7.0)
    json (1.8.3)
    json_pure (1.8.0)
    jwt (0.1.8)
      multi_json (>= 1.5)
    method_source (0.8.2)
    mime-types (1.24)
    mini_portile (0.6.1)
    minitest (5.0.8)
    multi_json (1.7.9)
    multi_xml (0.5.5)
    multipart-post (1.2.0)
    nokogiri (1.6.5)
      mini_portile (~> 0.6.0)
    oauth2 (0.9.2)
      faraday (~> 0.8)
      httpauth (~> 0.2)
      jwt (~> 0.1.4)
      multi_json (~> 1.0)
      multi_xml (~> 0.5)
      rack (~> 1.2)
    pry (0.9.12.6)
      coderay (~> 1.0)
      method_source (~> 0.8)
      slop (~> 3.4)
    rack (1.5.2)
    rack-oauth2 (1.0.8)
      activesupport (>= 2.3)
      attr_required (>= 0.0.5)
      httpclient (>= 2.2.0.2)
      multi_json (>= 1.3.6)
      rack (>= 1.1)
    rack-protection (1.5.0)
      rack
    rack-test (0.6.2)
      rack (>= 1.0)
    rash (0.4.0)
      hashie (~> 2.0.0)
    redis (3.2.0)
    redis-namespace (1.5.1)
      redis (~> 3.0, >= 3.0.4)
    rest-client (1.6.7)
      mime-types (>= 1.16)
    safe_yaml (1.0.4)
    sidekiq (2.17.8)
      celluloid (= 0.15.2)
      connection_pool (~> 2.0)
      json
      redis (~> 3.1)
      redis-namespace (~> 1.3)
    simple_oauth (0.2.0)
    sinatra (1.4.3)
      rack (~> 1.4)
      rack-protection (~> 1.4)
      tilt (~> 1.3, >= 1.3.4)
    sinatra-contrib (1.4.1)
      backports (>= 2.0)
      multi_json
      rack-protection
      rack-test
      sinatra (~> 1.4.0)
      tilt (~> 1.3)
    sinatra-index (0.0.2)
      sinatra
    slop (3.5.0)
    stringex (1.5.1)
    thor (0.18.1)
    thread_safe (0.3.4)
    tilt (1.4.1)
    timers (1.1.0)
    twitter (4.8.1)
      faraday (~> 0.8, < 0.10)
      multi_json (~> 1.0)
      simple_oauth (~> 0.2)
    twitter-text (1.6.1)
      unf (~> 0.0.5)
    tzinfo (1.2.2)
      thread_safe (~> 0.1)
    unf (0.0.5)
      unf_ext
    unf_ext (0.0.6)
    uuidtools (2.1.4)
    webmock (1.17.4)
      addressable (>= 2.2.7)
      crack (>= 0.3.2)
    weibo_2 (0.1.4)
      hashie (~> 2.0.4)
      multi_json (~> 1.7.2)
      oauth2 (~> 0.9.1)
      rest-client (~> 1.6.7)
    will_paginate (3.0.4)
    will_paginate-bootstrap (0.2.4)
      will_paginate (>= 3.0.3)

PLATFORMS
  ruby

DEPENDENCIES
  asin (~> 2.0)
  awesome_print
  chartkick
  data_mapper (~> 1.2)
  dm-mysql-adapter
  douban_api!
  fb_graph
  hashie
  httpclient (~> 2.6.0)
  json
  log_buddy!
  minitest
  nokogiri
  pry
  sidekiq (~> 2.17)
  sinatra
  sinatra-contrib
  sinatra-index
  thor
  twitter
  twitter-text
  webmock
  weibo_2
  will_paginate
  will_paginate-bootstrap
